GEM
  remote: https://rubygems.org/
  specs:
    activesupport (5.2.3)
      concurrent-ruby (~> 1.0, >= 1.0.2)
      i18n (>= 0.7, < 2)
      minitest (~> 5.1)
      tzinfo (~> 1.1)
    base64 (0.2.0)
    concurrent-ruby (1.2.3)
    i18n (1.14.4)
      concurrent-ruby (~> 1.0)
    kgio (2.11.4)
    minitest (5.22.2)
    mustermann (3.0.0)
      ruby2_keywords (~> 0.0.1)
    rack (3.0.9.1)
    rack-protection (4.0.0)
      base64 (>= 0.1.0)
      rack (>= 3.0.0, < 4)
    rack-session (2.0.0)
      rack (>= 3.0.0)
    rackup (2.1.0)
      rack (>= 3)
      webrick (~> 1.8)
    raindrops (0.20.1)
    ruby2_keywords (0.0.5)
    sinatra (4.0.0)
      mustermann (~> 3.0)
      rack (>= 3.0.0, < 4)
      rack-protection (= 4.0.0)
      rack-session (>= 2.0.0, < 3)
      tilt (~> 2.0)
    thread_safe (0.3.6)
    tilt (2.3.0)
    tzinfo (1.2.11)
      thread_safe (~> 0.1)
    unicorn (6.1.0)
      kgio (~> 2.6)
      raindrops (~> 0.7)
    webrick (1.8.1)
    whois (5.1.1)
    whois-parser (2.0.0)
      activesupport (>= 4)
      whois (>= 4.1.0)

PLATFORMS
  x86_64-linux

DEPENDENCIES
  activesupport (= 5.2.3)
  rackup (~> 2.1)
  sinatra
  unicorn (~> 6.1)
  whois
  whois-parser

BUNDLED WITH
   2.3.5
